GEM
  remote: https://rubygems.org/
  specs:
    json (1.8.1)
    mime-types (2.1)
    mini_portile (0.6.0)
    net-http-persistent (2.9.4)
    nokogiri (1.6.2.1-x86-mingw32)
      mini_portile (= 0.6.0)
    rdf (1.1.4)
    rest-client (1.6.7)
      mime-types (>= 1.16)
    rubyzip (1.1.0)
    sparql-client (1.1.1)
      json (>= 1.8)
      net-http-persistent (>= 1.4)
      rdf (>= 1.1)
    zip (2.0.2)

PLATFORMS
  x86-mingw32

DEPENDENCIES
  json
  nokogiri
  rest-client
  rubyzip
  sparql-client
  zip
